GEM
  remote: http://rubygems.org/
  specs:
    cri (2.1.0)
    fssm (0.2.8.1)
    git (1.2.5)
    nanoc (3.2.4)
      nanoc3 (>= 3.2.4)
    nanoc3 (3.2.4)
      cri (~> 2.0)
    rake (0.9.2.2)

PLATFORMS
  ruby

DEPENDENCIES
  fssm
  git
  nanoc
  rake
