GEM
  remote: http://rubygems.org/
  specs:
    adsf (1.0.1)
      rack (>= 1.0.0)
    cri (2.2.0)
    fssm (0.2.8.1)
    git (1.2.5)
    nanoc (3.3.1)
      cri (~> 2.1)
    nutils (1.1.0)
      nanoc (>= 3.3.1)
    rack (1.4.1)
    rainpress (1.0)
    rake (0.9.2.2)
    rdiscount (1.6.8)

PLATFORMS
  ruby

DEPENDENCIES
  adsf
  fssm
  git
  nanoc
  nutils
  rainpress
  rake
  rdiscount
