GEM
  remote: http://rubygems.org/
  specs:
    cri (2.1.0)
    fssm (0.2.8.1)
    git (1.2.5)
    httpclient (2.2.4)
    json (1.6.5)
    nanoc (3.2.4)
      nanoc3 (>= 3.2.4)
    nanoc3 (3.2.4)
      cri (~> 2.0)
    rake (0.9.2.2)
    smusher (0.4.9)
      httpclient (>= 2.2)
      json
      rake

PLATFORMS
  ruby

DEPENDENCIES
  fssm
  git
  nanoc
  rake
  smusher
