GEM
  remote: http://rubygems.org/
  specs:
    adsf (1.0.1)
      rack (>= 1.0.0)
    cri (2.1.0)
    fssm (0.2.8.1)
    git (1.2.5)
    nanoc (3.2.4)
      nanoc3 (>= 3.2.4)
    nanoc3 (3.2.4)
      cri (~> 2.0)
    rack (1.4.0)
    rake (0.9.2.2)
    rdiscount (1.6.8)

PLATFORMS
  ruby

DEPENDENCIES
  adsf
  fssm
  git
  nanoc
  rake
  rdiscount
